GEM
  remote: https://rubygems.org/
  specs:
    haml (4.0.7)
      tilt
    tilt (2.0.8)

PLATFORMS
  ruby

DEPENDENCIES
  haml (= 4.0.7)

BUNDLED WITH
   1.16.0
