GEM
  remote: https://rubygems.org/
  specs:
    haml (4.0.7)
      tilt
    rake (12.3.1)
    tilt (2.0.8)

PLATFORMS
  ruby

DEPENDENCIES
  haml (= 4.0.7)
  rake

BUNDLED WITH
   1.16.5
