GEM
  remote: https://rubygems.org/
  specs:
    haml (4.0.7)
      tilt
    rake (13.0.1)
    tilt (2.0.10)

PLATFORMS
  ruby

DEPENDENCIES
  haml (= 4.0.7)
  rake

BUNDLED WITH
   2.1.4
