GEM
  remote: https://rubygems.org/
  specs:
    haml (5.0.0)
      temple (>= 0.8.0)
      tilt
    rake (12.3.1)
    temple (0.8.2)
    tilt (2.0.10)

PLATFORMS
  ruby

DEPENDENCIES
  haml (= 5.0.0)
  rake

BUNDLED WITH
   2.0.1
