GEM
  remote: https://rubygems.org/
  specs:
    haml (4.0.7)
      tilt
    rake (13.0.3)
    tilt (2.0.10)

PLATFORMS
  x86_64-linux

DEPENDENCIES
  haml (= 4.0.7)
  rake

BUNDLED WITH
   2.2.16
